GEM
  remote: https://rubygems.org/
  specs:
    rack (1.6.12)

PLATFORMS
  ruby

DEPENDENCIES
  rack

RUBY VERSION
   ruby 2.5.5p157

BUNDLED WITH
   1.17.3
